PATH
  remote: .
  specs:
    version (1.0.0)

GEM
  remote: http://rubygems.org/
  specs:
    diff-lcs (1.1.3)
    rake (0.9.2.2)
    rspec (2.11.0)
      rspec-core (~> 2.11.0)
      rspec-expectations (~> 2.11.0)
      rspec-mocks (~> 2.11.0)
    rspec-core (2.11.1)
    rspec-expectations (2.11.3)
      diff-lcs (~> 1.1.3)
    rspec-mocks (2.11.3)

PLATFORMS
  ruby

DEPENDENCIES
  rake (~> 0.9)
  rspec (~> 2.11)
  version!
